GEM
  remote: https://rubygems.org/
  specs:
    minruby (1.0.4)

PLATFORMS
  x86_64-linux

DEPENDENCIES
  minruby (~> 1.0)

BUNDLED WITH
   2.2.22
